GEM
  remote: http://rubygems.org/
  specs:
    birch (0.0.8)
    mime-types (1.25.1)
    progressbar (0.21.0)
    rubyzip (0.9.9)
    schiphol (0.9.5)
      progressbar (>= 0.10.0)
      rubyzip (~> 0.9.9)
    treat (2.0.7)
      birch
      schiphol
      yomu
    wapiti (0.0.5)
    yomu (0.1.9)
      mime-types (~> 1.23)

PLATFORMS
  ruby

DEPENDENCIES
  treat
  wapiti
