GEM
  remote: http://rubygems.org/
  specs:
    birch (0.0.8)
    classifier (1.3.4)
      fast-stemmer (>= 1.0.0)
    fast-stemmer (1.0.2)
    mime-types (1.25.1)
    progressbar (0.21.0)
    rack (1.5.2)
    rack-protection (1.5.1)
      rack
    rubyzip (0.9.9)
    schiphol (0.9.5)
      progressbar (>= 0.10.0)
      rubyzip (~> 0.9.9)
    sinatra (1.4.4)
      rack (~> 1.4)
      rack-protection (~> 1.4)
      tilt (~> 1.3, >= 1.3.4)
    tilt (1.4.1)
    treat (2.0.7)
      birch
      schiphol
      yomu
    wapiti (0.0.5)
    yomu (0.1.9)
      mime-types (~> 1.23)

PLATFORMS
  ruby

DEPENDENCIES
  classifier
  sinatra
  treat
  wapiti
