GIT
  remote: https://github.com/wstrinz/classifier.git
  revision: 2238690444a8c5fe183e5c4173b63ce51cffb294
  specs:
    classifier (1.3.4)
      fast-stemmer (>= 1.0.0)

GEM
  remote: http://rubygems.org/
  specs:
    birch (0.0.8)
    diff-lcs (1.2.5)
    fast-stemmer (1.0.2)
    haml (4.0.5)
      tilt
    mime-types (1.25.1)
    progressbar (0.21.0)
    rack (1.5.2)
    rack-protection (1.5.1)
      rack
    rack-test (0.6.2)
      rack (>= 1.0)
    rspec (2.14.1)
      rspec-core (~> 2.14.0)
      rspec-expectations (~> 2.14.0)
      rspec-mocks (~> 2.14.0)
    rspec-core (2.14.7)
    rspec-expectations (2.14.5)
      diff-lcs (>= 1.1.3, < 2.0)
    rspec-mocks (2.14.6)
    rubyzip (0.9.9)
    schiphol (0.9.5)
      progressbar (>= 0.10.0)
      rubyzip (~> 0.9.9)
    sinatra (1.4.4)
      rack (~> 1.4)
      rack-protection (~> 1.4)
      tilt (~> 1.3, >= 1.3.4)
    tilt (1.4.1)
    treat (2.0.7)
      birch
      schiphol
      yomu
    wapiti (0.0.5)
    yomu (0.1.9)
      mime-types (~> 1.23)

PLATFORMS
  ruby

DEPENDENCIES
  classifier!
  haml
  rack-test
  rspec
  sinatra
  treat
  wapiti
